PATH
  remote: .
  specs:
    B64 (0.1.0)

GEM
  remote: https://rubygems.org/
  specs:
    minitest (5.0.8)
    rake (10.5.0)

PLATFORMS
  ruby

DEPENDENCIES
  B64!
  bundler (~> 1.12)
  minitest (~> 5.0.0)
  rake (~> 10.0)

BUNDLED WITH
   1.12.1
