PATH
  remote: .
  specs:
    B64 (0.1.0.2)

GEM
  remote: https://rubygems.org/
  specs:
    minitest (5.0.8)
    rake (13.0.1)

PLATFORMS
  ruby

DEPENDENCIES
  B64!
  bundler (~> 1.12)
  minitest (~> 5.0.0)
  rake (~> 13.0)

BUNDLED WITH
   1.12.5
